GEM
  remote: http://rubygems.org/
  specs:
    amqp (0.6.7)
      eventmachine (>= 0.12.4)
    bluecloth (2.2.0)
    celluloid (0.15.2)
      timers (~> 1.1.0)
    celluloid-io (0.15.0)
      celluloid (>= 0.15.0)
      nio4r (>= 0.5.0)
    chronic (0.10.2)
    coffee-script (2.2.0)
      coffee-script-source
      execjs
    coffee-script-source (1.7.0)
    couchrest (1.1.3)
      mime-types (~> 1.15)
      multi_json (~> 1.0)
      rest-client (~> 1.6.1)
    daemon-kit (0.1.8.1)
      eventmachine (>= 0.12.10)
    diff-lcs (1.2.5)
    em-proxy (0.1.8)
      eventmachine
    em-websocket (0.5.0)
      eventmachine (>= 0.12.9)
      http_parser.rb (~> 0.5.3)
    eventmachine (1.0.3)
    eventmachine_httpserver (0.2.1)
    execjs (2.0.2)
    ffi (1.9.3)
    git (1.2.6)
    haml (3.1.8)
    highline (1.6.1)
    http_parser.rb (0.5.3)
    json (1.8.1)
    listen (2.7.1)
      celluloid (>= 0.15.2)
      celluloid-io (>= 0.15.0)
      rb-fsevent (>= 0.9.3)
      rb-inotify (>= 0.9)
    macaddr (1.7.1)
      systemu (~> 2.6.2)
    mime-types (1.25.1)
    multi_json (1.9.2)
    net-scp (1.2.0)
      net-ssh (>= 2.6.5)
    net-ssh (2.8.0)
    nio4r (1.0.0)
    rack (1.5.2)
    rack-protection (1.5.3)
      rack
    rainbow (1.99.2)
    rake (10.3.1)
    rb-fsevent (0.9.4)
    rb-inotify (0.9.3)
      ffi (>= 0.5.0)
    rest-client (1.6.7)
      mime-types (>= 1.16)
    rspec (2.14.1)
      rspec-core (~> 2.14.0)
      rspec-expectations (~> 2.14.0)
      rspec-mocks (~> 2.14.0)
    rspec-core (2.14.8)
    rspec-expectations (2.14.5)
      diff-lcs (>= 1.1.3, < 2.0)
    rspec-mocks (2.14.6)
    rubybits (0.2.1)
    sass (3.3.5)
    serialport (1.3.0)
    sinatra (1.4.5)
      rack (~> 1.4)
      rack-protection (~> 1.4)
      tilt (~> 1.3, >= 1.3.4)
    slinky (0.7.3)
      coffee-script (~> 2.2)
      em-proxy (~> 0.1)
      em-websocket (~> 0.3)
      eventmachine (~> 1.0)
      eventmachine_httpserver (~> 0.2)
      haml (~> 3.1)
      listen (~> 2.4)
      mime-types (~> 1.16)
      rainbow (~> 1.1)
      sass (~> 3.1)
      yui-compressor (~> 0.12)
    state_machine (1.2.0)
    systemu (2.6.4)
    tilt (1.4.1)
    timers (1.1.0)
    uuidtools (2.1.4)
    wol (0.4.1)
    yard (0.8.7.4)
    yui-compressor (0.12.0)

PLATFORMS
  ruby

DEPENDENCIES
  amqp (= 0.6.7)
  bluecloth
  chronic
  couchrest (= 1.1.3)
  daemon-kit (= 0.1.8.1)
  em-websocket
  eventmachine
  eventmachine_httpserver
  git
  highline (= 1.6.1)
  json
  macaddr
  net-scp
  net-ssh
  rake
  rspec
  rubybits
  serialport
  sinatra
  slinky
  state_machine
  uuidtools
  wol
  yard (>= 0.8.4)
